GEM
  remote: http://rubygems.org/
  specs:
    kmeans-clusterer (0.11.4)
      narray (~> 0.6)
    narray (0.6.1.2)

PLATFORMS
  ruby

DEPENDENCIES
  kmeans-clusterer

BUNDLED WITH
   1.17.2
